GIT
  remote: https://github.com/guard/guard-minitest.git
  revision: a5479b18222ba4f95e65d558484d6c32456ca401
  specs:
    guard-minitest (0.4.0)
      guard (~> 0.4)

PATH
  remote: .
  specs:
    dickburt (0.0.5)
      addressable (~> 2.2.6)
      eventmachine (~> 0.12.10)
      logging (~> 1.5.1)
      map (~> 4.3.0)
      patron (~> 0.4.11)
      trollop (~> 1.16.2)
      twitter-stream (~> 0.1.14)
      yajl-ruby (~> 0.8.3)

GEM
  remote: http://rubygems.org/
  specs:
    addressable (2.2.6)
    eventmachine (0.12.10)
    fabrication (1.0.1)
    fakeweb (1.3.0)
    ffaker (1.8.0)
    growl (1.0.3)
    guard (0.6.2)
      thor (~> 0.14.6)
    http_parser.rb (0.5.2)
    little-plugger (1.1.2)
    logging (1.5.2)
      little-plugger (>= 1.1.2)
    map (4.3.0)
    minitest (2.2.2)
    patron (0.4.16)
    rb-fsevent (0.4.3.1)
    simple_oauth (0.1.5)
    thor (0.14.6)
    trollop (1.16.2)
    twitter-stream (0.1.14)
      eventmachine (>= 0.12.8)
      http_parser.rb (~> 0.5.1)
      simple_oauth (~> 0.1.4)
    vcr (1.11.1)
    yajl-ruby (0.8.3)

PLATFORMS
  ruby

DEPENDENCIES
  dickburt!
  fabrication
  fakeweb
  ffaker
  growl
  guard
  guard-minitest!
  minitest (~> 2.2.2)
  rb-fsevent
  vcr
